PATH
  remote: .
  specs:
    rubycas-server (1.1.3.pre)
      activerecord (>= 2.3.12, < 4.0)
      activesupport (>= 2.3.12, < 4.0)
      crypt-isaac (~> 0.9.1)
      sinatra (~> 1.0)
      sinatra-r18n (~> 1.1.0)

GEM
  remote: http://rubygems.org/
  specs:
    actionmailer (3.2.8)
      actionpack (= 3.2.8)
      mail (~> 2.4.4)
    actionpack (3.2.8)
      activemodel (= 3.2.8)
      activesupport (= 3.2.8)
      builder (~> 3.0.0)
      erubis (~> 2.7.0)
      journey (~> 1.0.4)
      rack (~> 1.4.0)
      rack-cache (~> 1.2)
      rack-test (~> 0.6.1)
      sprockets (~> 2.1.3)
    activemodel (3.2.8)
      activesupport (= 3.2.8)
      builder (~> 3.0.0)
    activerecord (3.2.8)
      activemodel (= 3.2.8)
      activesupport (= 3.2.8)
      arel (~> 3.0.2)
      tzinfo (~> 0.3.29)
    activeresource (3.2.8)
      activemodel (= 3.2.8)
      activesupport (= 3.2.8)
    activesupport (3.2.8)
      i18n (~> 0.6)
      multi_json (~> 1.0)
    addressable (2.3.2)
    appraisal (0.4.1)
      bundler
      rake
    arel (3.0.2)
    bcrypt-ruby (3.0.1)
    builder (3.0.4)
    capybara (1.1.2)
      mime-types (>= 1.16)
      nokogiri (>= 1.3.3)
      rack (>= 1.0.0)
      rack-test (>= 0.5.4)
      selenium-webdriver (~> 2.0)
      xpath (~> 0.1.4)
    childprocess (0.3.6)
      ffi (~> 1.0, >= 1.0.6)
    crack (0.3.1)
    crypt-isaac (0.9.1)
    diff-lcs (1.1.3)
    erubis (2.7.0)
    ffi (1.1.5)
    gettext (2.3.6)
      levenshtein
      locale
    guard (1.4.0)
      listen (>= 0.4.2)
      thor (>= 0.14.6)
    guard-rspec (2.0.0)
      guard (>= 1.1)
      rspec (~> 2.11)
    hike (1.2.1)
    hoe (3.4.0)
      rake (>= 0.8, < 11.0)
    i18n (0.6.1)
    journey (1.0.4)
    json (1.7.5)
    levenshtein (0.2.2)
    libwebsocket (0.1.5)
      addressable
    listen (0.5.3)
    locale (2.0.8)
    mail (2.4.4)
      i18n (>= 0.4.0)
      mime-types (~> 1.16)
      treetop (~> 1.4.8)
    markaby (0.7.2)
      builder (>= 2.0.0)
    mime-types (1.19)
    mini_portile2 (2.6.1)
    multi_json (1.5.0)
    mysql2 (0.3.11)
    net-ldap (0.1.1)
    nokogiri (1.12.5)
      mini_portile2 (~> 2.6.1)
      racc (~> 1.4)
    picnic (0.8.1.20100201)
      activesupport
      markaby
      rack
    polyglot (0.3.3)
    r18n-core (1.1.1)
    racc (1.5.2)
    rack (1.4.1)
    rack-cache (1.2)
      rack (>= 0.4)
    rack-protection (1.3.2)
      rack
    rack-ssl (1.3.2)
      rack
    rack-test (0.6.2)
      rack (>= 1.0)
    rails (3.2.8)
      actionmailer (= 3.2.8)
      actionpack (= 3.2.8)
      activerecord (= 3.2.8)
      activeresource (= 3.2.8)
      activesupport (= 3.2.8)
      bundler (~> 1.0)
      railties (= 3.2.8)
    railties (3.2.8)
      actionpack (= 3.2.8)
      activesupport (= 3.2.8)
      rack-ssl (~> 1.3.2)
      rake (>= 0.8.7)
      rdoc (~> 3.4)
      thor (>= 0.14.6, < 2.0)
    rake (0.8.7)
    rb-inotify (0.8.8)
      ffi (>= 0.5.0)
    rdoc (3.12)
      json (~> 1.4)
    rspec (2.11.0)
      rspec-core (~> 2.11.0)
      rspec-expectations (~> 2.11.0)
      rspec-mocks (~> 2.11.0)
    rspec-core (2.11.1)
    rspec-expectations (2.11.3)
      diff-lcs (~> 1.1.3)
    rspec-mocks (2.11.3)
    rubyzip (0.9.9)
    selenium-webdriver (2.25.0)
      childprocess (>= 0.2.5)
      libwebsocket (~> 0.1.3)
      multi_json (~> 1.0)
      rubyzip
    sinatra (1.3.3)
      rack (~> 1.3, >= 1.3.6)
      rack-protection (~> 1.2)
      tilt (~> 1.3, >= 1.3.3)
    sinatra-r18n (1.1.1)
      r18n-core (= 1.1.1)
      sinatra (>= 1.3)
    sprockets (2.1.3)
      hike (~> 1.2)
      rack (~> 1.0)
      tilt (~> 1.1, != 1.3.0)
    sqlite3 (1.3.6)
    thor (0.16.0)
    tilt (1.3.3)
    treetop (1.4.12)
      polyglot
      polyglot (>= 0.3.1)
    tzinfo (0.3.35)
    webmock (1.9.0)
      addressable (>= 2.2.7)
      crack (>= 0.1.7)
    xpath (0.1.4)
      nokogiri (~> 1.3)

PLATFORMS
  ruby

DEPENDENCIES
  activeresource (>= 2.3.12, < 4.0)
  appraisal (~> 0.4.1)
  bcrypt-ruby
  capybara (= 1.1.2)
  gettext
  guard (~> 1.4.0)
  guard-rspec (= 2.0.0)
  hoe
  mysql2
  net-ldap (~> 0.1.1)
  nokogiri (~> 1.3)
  picnic
  rack-test
  rails (= 3.2.8)
  rake (= 0.8.7)
  rb-inotify (~> 0.8.8)
  rspec
  rspec-core
  rubycas-server!
  sqlite3 (~> 1.3.1)
  webmock (~> 1.8)
